GEM
  specs:
    coderay (1.1.2)
    equatable (0.5.0)
    method_source (0.9.2)
    pastel (0.7.2)
      equatable (~> 0.5.0)
      tty-color (~> 0.4.0)
    pry (0.12.2)
      coderay (~> 1.1.0)
      method_source (~> 0.9.0)
    require_all (2.0.0)
    tty-color (0.4.3)

PLATFORMS
  ruby

DEPENDENCIES
  bundler
  pastel
  pry
  require_all

BUNDLED WITH
   2.0.1
